GEM
  remote: https://rubygems.org/
  specs:
    bcrypt (3.1.16)

PLATFORMS
  x86_64-linux

DEPENDENCIES
  bcrypt (~> 3.1)

BUNDLED WITH
   2.2.7
